PATH
  remote: .
  specs:
    contact-data (0.0.6)
      rest-client (~> 1)

GEM
  remote: https://rubygems.org/
  specs:
    addressable (2.3.6)
    coveralls (0.7.0)
      multi_json (~> 1.3)
      rest-client
      simplecov (>= 0.7)
      term-ansicolor
      thor
    crack (0.4.2)
      safe_yaml (~> 1.0.0)
    diff-lcs (1.2.5)
    gem-release (0.7.3)
    mime-types (2.3)
    multi_json (1.10.1)
    rake (10.3.2)
    rest-client (1.6.7)
      mime-types (>= 1.16)
    rspec (2.14.1)
      rspec-core (~> 2.14.0)
      rspec-expectations (~> 2.14.0)
      rspec-mocks (~> 2.14.0)
    rspec-core (2.14.8)
    rspec-expectations (2.14.5)
      diff-lcs (>= 1.1.3, < 2.0)
    rspec-mocks (2.14.6)
    safe_yaml (1.0.3)
    simplecov (0.7.1)
      multi_json (~> 1.0)
      simplecov-html (~> 0.7.1)
    simplecov-html (0.7.1)
    term-ansicolor (1.3.0)
      tins (~> 1.0)
    thor (0.19.1)
    tins (1.3.0)
    vcr (2.9.2)
    webmock (1.17.4)
      addressable (>= 2.2.7)
      crack (>= 0.3.2)

PLATFORMS
  ruby

DEPENDENCIES
  bundler (~> 1)
  contact-data!
  coveralls (~> 0)
  gem-release (~> 0)
  rake (~> 10)
  rspec (~> 2)
  simplecov (~> 0.7, >= 0.7.1)
  vcr (~> 2)
  webmock (~> 1)
